PATH
  remote: .
  specs:
    pub_grub (0.5.0)

GEM
  remote: https://rubygems.org/
  specs:
    minitest (5.11.3)
    minitest-stackprof (0.2.0)
      minitest (>= 5.0)
      stackprof (>= 0.2.7)
    rake (13.0.1)
    stackprof (0.2.12)

PLATFORMS
  ruby

DEPENDENCIES
  bundler (~> 1.16)
  minitest (~> 5.0)
  minitest-stackprof
  pub_grub!
  rake (~> 13.0)
  stackprof (~> 0.2.12)

BUNDLED WITH
   1.17.3
